PATH
  remote: .
  specs:
    snogmetrics (0.1.4)

GEM
  remote: http://rubygems.org/
  specs:
    BlueCloth (1.0.1)
    actionmailer (2.3.5)
      actionpack (= 2.3.5)
    actionpack (2.3.5)
      activesupport (= 2.3.5)
      rack (~> 1.0.0)
    activerecord (2.3.5)
      activesupport (= 2.3.5)
    activeresource (2.3.5)
      activesupport (= 2.3.5)
    activesupport (2.3.5)
    rack (1.0.1)
    rails (2.3.5)
      actionmailer (= 2.3.5)
      actionpack (= 2.3.5)
      activerecord (= 2.3.5)
      activeresource (= 2.3.5)
      activesupport (= 2.3.5)
      rake (>= 0.8.3)
    rake (0.8.7)
    rcov (0.9.8)
    rspec (1.3.0)
    yard (0.6.0)

PLATFORMS
  ruby

DEPENDENCIES
  BlueCloth
  bundler (~> 1.0.0)
  rails
  rake (~> 0.8.7)
  rcov
  rspec
  snogmetrics!
  yard
